GEM
  remote: http://rubygems.org/
  remote: http://gems.rubyforge.org/
  specs:
    json (1.7.5)
    nokogiri (1.5.5)
    reverse_markdown (0.3.0)
      nokogiri

PLATFORMS
  ruby

DEPENDENCIES
  json
  nokogiri
  reverse_markdown
